GEM
  remote: http://rubygems.org/
  specs:
    haml (3.1.4)
    rake (0.9.2.2)
    sass (3.1.15)

PLATFORMS
  ruby

DEPENDENCIES
  haml
  rake
  sass
