GEM
  remote: http://rubygems.org/
  specs:
    haml (3.1.3)
    rake (0.9.2)
    sass (3.1.10)

PLATFORMS
  ruby

DEPENDENCIES
  haml
  rake
  sass
